PATH
  remote: ..
  specs:
    memo_wise (0.4.0)

GEM
  remote: https://rubygems.org/
  specs:
    benchmark-ips (2.9.1)
    memoist (0.16.2)
    memoized (1.1.0)
    memoizer (1.0.3)

PLATFORMS
  x86_64-darwin-19
  x86_64-linux

DEPENDENCIES
  benchmark-ips (= 2.9.1)
  memo_wise!
  memoist (= 0.16.2)
  memoized (= 1.1.0)
  memoizer (= 1.0.3)

RUBY VERSION
   ruby 3.0.0p0

BUNDLED WITH
   2.2.3
